GEM
  remote: https://rubygems.org/
  specs:
    bitters (1.2.0)
      bourbon (>= 4.2)
      sass (>= 3.4)
      thor
    bourbon (4.2.6)
      sass (~> 3.4)
      thor (~> 0.19)
    ffi (1.9.10)
    jekyll-watch (1.3.1)
      listen (~> 3.0)
    kramdown (1.9.0)
    listen (3.0.6)
      rb-fsevent (>= 0.9.3)
      rb-inotify (>= 0.9.7)
    neat (1.7.2)
      bourbon (>= 4.0)
      sass (>= 3.3)
    rb-fsevent (0.9.7)
    rb-inotify (0.9.7)
      ffi (>= 0.5.0)
    rouge (1.10.1)
    sass (3.4.21)
    thor (0.19.1)

PLATFORMS
  ruby

DEPENDENCIES
  bitters (~> 1.2)
  bourbon (~> 4.2, >= 4.2.6)
  jekyll-watch (~> 1.3, >= 1.3.1)
  kramdown (~> 1.9)
  neat (~> 1.7, >= 1.7.2)
  rouge (~> 1.10, >= 1.10.1)
  tzinfo-data
  wdm (~> 0.1.0)

BUNDLED WITH
   1.10.6
