GEM
  remote: https://rubygems.org/
  specs:
    ffi (1.9.10)
    jekyll-watch (1.3.1)
      listen (~> 3.0)
    kramdown (1.9.0)
    listen (3.0.6)
      rb-fsevent (>= 0.9.3)
      rb-inotify (>= 0.9.7)
    rb-fsevent (0.9.7)
    rb-inotify (0.9.7)
      ffi (>= 0.5.0)
    rouge (1.10.1)

PLATFORMS
  ruby

DEPENDENCIES
  jekyll-watch (~> 1.3, >= 1.3.1)
  kramdown (~> 1.9)
  rouge (~> 1.10, >= 1.10.1)
  tzinfo-data
  wdm (~> 0.1.0)

BUNDLED WITH
   1.10.6
